GEM
  remote: https://rubygems.org/
  specs:
    cpf_utils (1.3.1)
    nokogiri (1.16.5-x86_64-linux)
      racc (~> 1.4)
    racc (1.8.0)

PLATFORMS
  x86_64-linux

DEPENDENCIES
  cpf_utils
  nokogiri

BUNDLED WITH
   2.4.20
